GIT
  remote: https://github.com/sinfin/dragonfly_libvips.git
  revision: 8143023d4fb84b55da0a2f6768058c507805865c
  branch: more_geometry
  specs:
    dragonfly_libvips (2.4.2)
      dragonfly (~> 1.4)
      ruby-vips (~> 2.0, >= 2.0.16)

PATH
  remote: .
  specs:
    folio (3.0.0)
      aasm
      acts-as-taggable-on
      after_commit_everywhere
      ancestry
      annotate
      audited
      aws-sdk-s3
      babel-transpiler
      breadcrumbs_on_rails
      cancancan
      cocoon
      coffee-rails (~> 5.0)
      countries
      country_select
      devise
      devise-bootstrap-views
      devise-i18n
      devise_invitable
      dotenv-rails
      dragonfly-s3_data_store
      dropzonejs-rails
      fast_jsonapi
      friendly_id
      gibbon
      invisible_captcha
      jquery-rails
      jwt
      message_bus
      multi_exiftool
      mux_ruby (~> 3.9.0)
      nokogiri
      omniauth
      omniauth-facebook
      omniauth-google-oauth2
      omniauth-rails_csrf_protection
      omniauth-twitter2
      pagy
      pg
      pg_search (= 2.3.2)
      phonelib
      premailer-rails
      rails (~> 7)
      rails-i18n (~> 7)
      recaptcha (= 4.13.1)
      redis
      responders
      rubyzip
      sass-rails
      show_for
      sidekiq (~> 6.5)
      sidekiq-cron (= 1.8.0)
      simple_form
      sitemap_generator
      slim
      slim-rails
      terser
      traco
      turbolinks
      uglifier
      whenever

GEM
  remote: https://rubygems.org/
  specs:
    aasm (5.5.0)
      concurrent-ruby (~> 1.0)
    actioncable (7.0.4.3)
      actionpack (= 7.0.4.3)
      activesupport (= 7.0.4.3)
      nio4r (~> 2.0)
      websocket-driver (>= 0.6.1)
    actionmailbox (7.0.4.3)
      actionpack (= 7.0.4.3)
      activejob (= 7.0.4.3)
      activerecord (= 7.0.4.3)
      activestorage (= 7.0.4.3)
      activesupport (= 7.0.4.3)
      mail (>= 2.7.1)
      net-imap
      net-pop
      net-smtp
    actionmailer (7.0.4.3)
      actionpack (= 7.0.4.3)
      actionview (= 7.0.4.3)
      activejob (= 7.0.4.3)
      activesupport (= 7.0.4.3)
      mail (~> 2.5, >= 2.5.4)
      net-imap
      net-pop
      net-smtp
      rails-dom-testing (~> 2.0)
    actionpack (7.0.4.3)
      actionview (= 7.0.4.3)
      activesupport (= 7.0.4.3)
      rack (~> 2.0, >= 2.2.0)
      rack-test (>= 0.6.3)
      rails-dom-testing (~> 2.0)
      rails-html-sanitizer (~> 1.0, >= 1.2.0)
    actiontext (7.0.4.3)
      actionpack (= 7.0.4.3)
      activerecord (= 7.0.4.3)
      activestorage (= 7.0.4.3)
      activesupport (= 7.0.4.3)
      globalid (>= 0.6.0)
      nokogiri (>= 1.8.5)
    actionview (7.0.4.3)
      activesupport (= 7.0.4.3)
      builder (~> 3.1)
      erubi (~> 1.4)
      rails-dom-testing (~> 2.0)
      rails-html-sanitizer (~> 1.1, >= 1.2.0)
    activejob (7.0.4.3)
      activesupport (= 7.0.4.3)
      globalid (>= 0.3.6)
    activemodel (7.0.4.3)
      activesupport (= 7.0.4.3)
    activerecord (7.0.4.3)
      activemodel (= 7.0.4.3)
      activesupport (= 7.0.4.3)
    activestorage (7.0.4.3)
      actionpack (= 7.0.4.3)
      activejob (= 7.0.4.3)
      activerecord (= 7.0.4.3)
      activesupport (= 7.0.4.3)
      marcel (~> 1.0)
      mini_mime (>= 1.1.0)
    activesupport (7.0.4.3)
      concurrent-ruby (~> 1.0, >= 1.0.2)
      i18n (>= 1.6, < 2)
      minitest (>= 5.1)
      tzinfo (~> 2.0)
    acts-as-taggable-on (9.0.1)
      activerecord (>= 6.0, < 7.1)
    addressable (2.8.3)
      public_suffix (>= 2.0.2, < 6.0)
    after_commit_everywhere (1.3.0)
      activerecord (>= 4.2)
      activesupport
    ancestry (4.3.2)
      activerecord (>= 5.2.6)
    annotate (3.2.0)
      activerecord (>= 3.2, < 8.0)
      rake (>= 10.4, < 14.0)
    ast (2.4.2)
    audited (5.3.2)
      activerecord (>= 5.0, < 7.1)
    aws-eventstream (1.2.0)
    aws-partitions (1.741.0)
    aws-sdk-core (3.171.0)
      aws-eventstream (~> 1, >= 1.0.2)
      aws-partitions (~> 1, >= 1.651.0)
      aws-sigv4 (~> 1.5)
      jmespath (~> 1, >= 1.6.1)
    aws-sdk-kms (1.63.0)
      aws-sdk-core (~> 3, >= 3.165.0)
      aws-sigv4 (~> 1.1)
    aws-sdk-s3 (1.120.0)
      aws-sdk-core (~> 3, >= 3.165.0)
      aws-sdk-kms (~> 1)
      aws-sigv4 (~> 1.4)
    aws-sigv4 (1.5.2)
      aws-eventstream (~> 1, >= 1.0.2)
    babel-source (5.8.35)
    babel-transpiler (0.7.0)
      babel-source (>= 4.0, < 6)
      execjs (~> 2.0)
    bcrypt (3.1.18)
    better_errors (2.9.1)
      coderay (>= 1.0.0)
      erubi (>= 1.0.0)
      rack (>= 0.9.0)
    better_html (2.0.1)
      actionview (>= 6.0)
      activesupport (>= 6.0)
      ast (~> 2.0)
      erubi (~> 1.4)
      parser (>= 2.4)
      smart_properties
    binding_of_caller (1.0.0)
      debug_inspector (>= 0.0.1)
    breadcrumbs_on_rails (4.1.0)
      railties (>= 5.0)
    builder (3.2.4)
    byebug (11.1.3)
    cancancan (3.5.0)
    capybara (3.39.0)
      addressable
      matrix
      mini_mime (>= 0.1.3)
      nokogiri (~> 1.8)
      rack (>= 1.6.0)
      rack-test (>= 0.6.3)
      regexp_parser (>= 1.5, < 3.0)
      xpath (~> 3.2)
    cells (4.1.7)
      declarative-builder (< 0.2.0)
      declarative-option (< 0.2.0)
      tilt (>= 1.4, < 3)
      uber (< 0.2.0)
    cells-rails (0.1.5)
      actionpack (>= 5.0)
      cells (>= 4.1.6, < 5.0.0)
    cells-slim (0.0.6)
      cells (>= 4.0.1, < 6.0.0)
      slim (~> 3.0)
    chronic (0.10.2)
    cocoon (1.2.15)
    coderay (1.1.3)
    coffee-rails (5.0.0)
      coffee-script (>= 2.2.0)
      railties (>= 5.2.0)
    coffee-script (2.4.1)
      coffee-script-source
      execjs
    coffee-script-source (1.12.2)
    colorize (0.8.1)
    concurrent-ruby (1.2.2)
    connection_pool (2.4.0)
    countries (5.3.2)
      unaccent (~> 0.3)
    country_select (8.0.1)
      countries (~> 5.0)
    crass (1.0.6)
    css_parser (1.14.0)
      addressable
    date (3.3.3)
    debug_inspector (1.1.0)
    declarative-builder (0.1.0)
      declarative-option (< 0.2.0)
    declarative-option (0.1.0)
    devise (4.9.2)
      bcrypt (~> 3.0)
      orm_adapter (~> 0.1)
      railties (>= 4.1.0)
      responders
      warden (~> 1.2.3)
    devise-bootstrap-views (1.1.0)
    devise-i18n (1.11.0)
      devise (>= 4.9.0)
    devise_invitable (2.0.7)
      actionmailer (>= 5.0)
      devise (>= 4.6)
    dotenv (2.8.1)
    dotenv-rails (2.8.1)
      dotenv (= 2.8.1)
      railties (>= 3.2)
    dragonfly (1.4.0)
      addressable (~> 2.3)
      multi_json (~> 1.0)
      rack (>= 1.3)
    dragonfly-s3_data_store (1.3.0)
      dragonfly (~> 1.0)
      fog-aws
    dropzonejs-rails (0.8.5)
      rails (> 3.1)
    erubi (1.12.0)
    et-orbi (1.2.7)
      tzinfo
    ethon (0.16.0)
      ffi (>= 1.15.0)
    excon (0.99.0)
    execjs (2.8.1)
    factory_bot (6.2.1)
      activesupport (>= 5.0.0)
    faker (3.1.1)
      i18n (>= 1.8.11, < 2)
    faraday (2.7.4)
      faraday-net_http (>= 2.0, < 3.1)
      ruby2_keywords (>= 0.0.4)
    faraday-net_http (3.0.2)
    fast_jsonapi (1.5)
      activesupport (>= 4.2)
    ffi (1.15.5)
    fog-aws (3.18.0)
      fog-core (~> 2.1)
      fog-json (~> 1.1)
      fog-xml (~> 0.1)
    fog-core (2.3.0)
      builder
      excon (~> 0.71)
      formatador (>= 0.2, < 2.0)
      mime-types
    fog-json (1.2.0)
      fog-core
      multi_json (~> 1.10)
    fog-xml (0.1.4)
      fog-core
      nokogiri (>= 1.5.11, < 2.0.0)
    formatador (1.1.0)
    friendly_id (5.5.0)
      activerecord (>= 4.0.0)
    fugit (1.8.1)
      et-orbi (~> 1, >= 1.2.7)
      raabro (~> 1.4)
    gibbon (3.4.4)
      faraday (>= 1.0)
      multi_json (>= 1.11.0)
    globalid (1.1.0)
      activesupport (>= 5.0)
    guard (2.18.0)
      formatador (>= 0.2.4)
      listen (>= 2.7, < 4.0)
      lumberjack (>= 1.0.12, < 2.0)
      nenv (~> 0.1)
      notiffany (~> 0.0)
      pry (>= 0.13.0)
      shellany (~> 0.0)
      thor (>= 0.18.1)
    guard-compat (1.2.1)
    guard-rubocop (1.5.0)
      guard (~> 2.0)
      rubocop (< 2.0)
    guard-slimlint (1.3.2)
      colorize (~> 0.8.1)
      guard (~> 2.14, >= 2.14.2)
      guard-compat (~> 1.2, >= 1.2.1)
      slim_lint (~> 0.15)
    hashie (5.0.0)
    highline (2.1.0)
    htmlentities (4.3.4)
    i18n (1.12.0)
      concurrent-ruby (~> 1.0)
    i18n-tasks (1.0.12)
      activesupport (>= 4.0.2)
      ast (>= 2.1.0)
      better_html (>= 1.0, < 3.0)
      erubi
      highline (>= 2.0.0)
      i18n
      parser (>= 2.2.3.0)
      rails-i18n
      rainbow (>= 2.2.2, < 4.0)
      terminal-table (>= 1.5.1)
    invisible_captcha (2.1.0)
      rails (>= 5.2)
    jmespath (1.6.2)
    jquery-rails (4.5.1)
      rails-dom-testing (>= 1, < 3)
      railties (>= 4.2.0)
      thor (>= 0.14, < 2.0)
    json (2.6.3)
    jwt (2.7.0)
    launchy (2.5.2)
      addressable (~> 2.8)
    letter_opener (1.8.1)
      launchy (>= 2.2, < 3)
    listen (3.8.0)
      rb-fsevent (~> 0.10, >= 0.10.3)
      rb-inotify (~> 0.9, >= 0.9.10)
    loofah (2.20.0)
      crass (~> 1.0.2)
      nokogiri (>= 1.5.9)
    lumberjack (1.2.8)
    mail (2.8.1)
      mini_mime (>= 0.1.1)
      net-imap
      net-pop
      net-smtp
    marcel (1.0.2)
    matrix (0.4.2)
    message_bus (4.3.2)
      rack (>= 1.1.3)
    method_source (1.0.0)
    mime-types (3.4.1)
      mime-types-data (~> 3.2015)
    mime-types-data (3.2023.0218.1)
    mini_mime (1.1.2)
    minitest (5.18.0)
    multi_exiftool (0.17.0)
    multi_json (1.15.0)
    multi_xml (0.6.0)
    mux_ruby (3.9.0)
      typhoeus (~> 1.0, >= 1.0.1)
    nenv (0.3.0)
    net-imap (0.3.4)
      date
      net-protocol
    net-pop (0.1.2)
      net-protocol
    net-protocol (0.2.1)
      timeout
    net-smtp (0.3.3)
      net-protocol
    nio4r (2.5.9)
    nokogiri (1.14.2-x86_64-linux)
      racc (~> 1.4)
    notiffany (0.1.3)
      nenv (~> 0.1)
      shellany (~> 0.0)
    oauth2 (2.0.9)
      faraday (>= 0.17.3, < 3.0)
      jwt (>= 1.0, < 3.0)
      multi_xml (~> 0.5)
      rack (>= 1.2, < 4)
      snaky_hash (~> 2.0)
      version_gem (~> 1.1)
    omniauth (2.1.1)
      hashie (>= 3.4.6)
      rack (>= 2.2.3)
      rack-protection
    omniauth-facebook (9.0.0)
      omniauth-oauth2 (~> 1.2)
    omniauth-google-oauth2 (1.1.1)
      jwt (>= 2.0)
      oauth2 (~> 2.0.6)
      omniauth (~> 2.0)
      omniauth-oauth2 (~> 1.8.0)
    omniauth-oauth2 (1.8.0)
      oauth2 (>= 1.4, < 3)
      omniauth (~> 2.0)
    omniauth-rails_csrf_protection (1.0.1)
      actionpack (>= 4.2)
      omniauth (~> 2.0)
    omniauth-twitter2 (0.1.0)
      omniauth
      omniauth-oauth2 (~> 1.0)
    orm_adapter (0.5.0)
    pagy (6.0.3)
    parallel (1.22.1)
    parser (3.2.2.0)
      ast (~> 2.4.1)
    pg (1.4.6)
    pg_search (2.3.2)
      activerecord (>= 5.2)
      activesupport (>= 5.2)
    phonelib (0.8.0)
    premailer (1.21.0)
      addressable
      css_parser (>= 1.12.0)
      htmlentities (>= 4.0.0)
    premailer-rails (1.12.0)
      actionmailer (>= 3)
      net-smtp
      premailer (~> 1.7, >= 1.7.9)
    pry (0.14.2)
      coderay (~> 1.1)
      method_source (~> 1.0)
    pry-byebug (3.10.1)
      byebug (~> 11.0)
      pry (>= 0.13, < 0.15)
    pry-rails (0.3.9)
      pry (>= 0.10.4)
    public_suffix (5.0.1)
    puma (5.6.5)
      nio4r (~> 2.0)
    raabro (1.4.0)
    racc (1.6.2)
    rack (2.2.6.4)
    rack-mini-profiler (3.0.0)
      rack (>= 1.2.0)
    rack-protection (3.0.5)
      rack
    rack-test (2.1.0)
      rack (>= 1.3)
    rails (7.0.4.3)
      actioncable (= 7.0.4.3)
      actionmailbox (= 7.0.4.3)
      actionmailer (= 7.0.4.3)
      actionpack (= 7.0.4.3)
      actiontext (= 7.0.4.3)
      actionview (= 7.0.4.3)
      activejob (= 7.0.4.3)
      activemodel (= 7.0.4.3)
      activerecord (= 7.0.4.3)
      activestorage (= 7.0.4.3)
      activesupport (= 7.0.4.3)
      bundler (>= 1.15.0)
      railties (= 7.0.4.3)
    rails-dom-testing (2.0.3)
      activesupport (>= 4.2.0)
      nokogiri (>= 1.6)
    rails-html-sanitizer (1.5.0)
      loofah (~> 2.19, >= 2.19.1)
    rails-i18n (7.0.6)
      i18n (>= 0.7, < 2)
      railties (>= 6.0.0, < 8)
    railties (7.0.4.3)
      actionpack (= 7.0.4.3)
      activesupport (= 7.0.4.3)
      method_source
      rake (>= 12.2)
      thor (~> 1.0)
      zeitwerk (~> 2.5)
    rainbow (3.1.1)
    rake (13.0.6)
    rb-fsevent (0.11.2)
    rb-inotify (0.10.1)
      ffi (~> 1.0)
    recaptcha (4.13.1)
      json
    redis (4.8.1)
    regexp_parser (2.7.0)
    responders (3.1.0)
      actionpack (>= 5.2)
      railties (>= 5.2)
    rexml (3.2.5)
    rubocop (1.49.0)
      json (~> 2.3)
      parallel (~> 1.10)
      parser (>= 3.2.0.0)
      rainbow (>= 2.2.2, < 4.0)
      regexp_parser (>= 1.8, < 3.0)
      rexml (>= 3.2.5, < 4.0)
      rubocop-ast (>= 1.28.0, < 2.0)
      ruby-progressbar (~> 1.7)
      unicode-display_width (>= 2.4.0, < 3.0)
    rubocop-ast (1.28.0)
      parser (>= 3.2.1.0)
    rubocop-minitest (0.29.0)
      rubocop (>= 1.39, < 2.0)
    rubocop-packaging (0.5.2)
      rubocop (>= 1.33, < 2.0)
    rubocop-performance (1.16.0)
      rubocop (>= 1.7.0, < 2.0)
      rubocop-ast (>= 0.4.0)
    rubocop-rails (2.18.0)
      activesupport (>= 4.2.0)
      rack (>= 1.1)
      rubocop (>= 1.33.0, < 2.0)
    rubocop-rails_config (1.12.1)
      railties (>= 5.0)
      rubocop (>= 1.39.0)
      rubocop-ast (>= 1.0.1)
      rubocop-minitest (~> 0.22)
      rubocop-packaging (~> 0.5)
      rubocop-performance (~> 1.11)
      rubocop-rails (~> 2.0)
    rubocop-rake (0.6.0)
      rubocop (~> 1.0)
    ruby-progressbar (1.13.0)
    ruby-vips (2.1.4)
      ffi (~> 1.12)
    ruby2_keywords (0.0.5)
    rubyzip (2.3.2)
    sass-rails (6.0.0)
      sassc-rails (~> 2.1, >= 2.1.1)
    sassc (2.4.0)
      ffi (~> 1.9)
    sassc-rails (2.1.2)
      railties (>= 4.0.0)
      sassc (>= 2.0)
      sprockets (> 3.0)
      sprockets-rails
      tilt
    shellany (0.0.1)
    show_for (0.8.0)
      actionpack (>= 5.2)
      activemodel (>= 5.2)
    sidekiq (6.5.8)
      connection_pool (>= 2.2.5, < 3)
      rack (~> 2.0)
      redis (>= 4.5.0, < 5)
    sidekiq-cron (1.8.0)
      fugit (~> 1)
      sidekiq (>= 4.2.1)
    simple_form (5.2.0)
      actionpack (>= 5.2)
      activemodel (>= 5.2)
    sitemap_generator (6.3.0)
      builder (~> 3.0)
    slim (3.0.9)
      temple (>= 0.7.6, < 0.9)
      tilt (>= 1.3.3, < 2.1)
    slim-rails (3.6.2)
      actionpack (>= 3.1)
      railties (>= 3.1)
      slim (>= 3.0, < 6.0, != 5.0.0)
    slim_lint (0.24.0)
      rubocop (>= 1.0, < 2.0)
      slim (>= 3.0, < 6.0)
    smart_properties (1.17.0)
    snaky_hash (2.0.1)
      hashie
      version_gem (~> 1.1, >= 1.1.1)
    sprockets (4.2.0)
      concurrent-ruby (~> 1.0)
      rack (>= 2.2.4, < 4)
    sprockets-rails (3.4.2)
      actionpack (>= 5.2)
      activesupport (>= 5.2)
      sprockets (>= 3.0.0)
    temple (0.8.2)
    terminal-table (3.0.2)
      unicode-display_width (>= 1.1.1, < 3)
    terser (1.1.14)
      execjs (>= 0.3.0, < 3)
    thor (1.2.1)
    tilt (2.0.11)
    timeout (0.3.2)
    traco (5.3.3)
      activerecord (>= 4.2)
    turbolinks (5.2.1)
      turbolinks-source (~> 5.2)
    turbolinks-source (5.2.0)
    typhoeus (1.4.0)
      ethon (>= 0.9.0)
    tzinfo (2.0.6)
      concurrent-ruby (~> 1.0)
    uber (0.1.0)
    uglifier (4.2.0)
      execjs (>= 0.3.0, < 3)
    unaccent (0.4.0)
    unicode-display_width (2.4.2)
    version_gem (1.1.2)
    warden (1.2.9)
      rack (>= 2.0.9)
    websocket-driver (0.7.5)
      websocket-extensions (>= 0.1.0)
    websocket-extensions (0.1.5)
    whenever (1.0.0)
      chronic (>= 0.6.3)
    xpath (3.2.0)
      nokogiri (~> 1.8)
    zeitwerk (2.6.7)

PLATFORMS
  x86_64-linux

DEPENDENCIES
  better_errors
  binding_of_caller
  capybara
  cells-rails (~> 0.1.5)
  cells-slim (~> 0.0.6)
  dragonfly_libvips!
  factory_bot
  faker
  folio!
  guard-rubocop
  guard-slimlint
  i18n-tasks
  letter_opener
  minitest
  omniauth
  omniauth-facebook
  omniauth-google-oauth2
  omniauth-rails_csrf_protection
  omniauth-twitter2
  pry-byebug
  pry-rails
  puma (< 6)
  rack-mini-profiler
  rubocop
  rubocop-minitest
  rubocop-performance
  rubocop-rails
  rubocop-rails_config
  rubocop-rake
  sprockets (~> 4.0)
  sprockets-rails

BUNDLED WITH
   2.3.5
