GIT
  remote: https://github.com/sinfin/dragonfly_libvips.git
  revision: e12a27c627cfb72c3bd65a5b8cc60ff4b600b1b3
  branch: more_geometry
  specs:
    dragonfly_libvips (2.4.2)
      dragonfly (~> 1.4)
      ruby-vips (~> 2.0, >= 2.0.16)

GIT
  remote: https://github.com/sinfin/premailer.git
  revision: 4f14229876c7f226ebb175b9cfaaf8c361169819
  specs:
    premailer (1.11.1)
      addressable
      css_parser (>= 1.6.0)
      htmlentities (>= 4.0.0)

PATH
  remote: .
  specs:
    folio (0.1.0)
      aasm
      acts-as-taggable-on (~> 7.0)
      after_commit_everywhere
      ancestry
      audited (~> 4.7)
      aws-sdk-s3
      babel-transpiler
      breadcrumbs_on_rails
      cancancan (~> 3.0)
      cells
      cells-rails (= 0.1.0)
      cells-slim (= 0.0.6)
      cocoon
      coffee-rails (~> 5.0)
      countries
      country_select
      devise
      devise-bootstrap-views
      devise-i18n
      devise_invitable
      discard
      dotenv-rails
      dragonfly
      dragonfly-s3_data_store
      dragonfly_libvips
      dropzonejs-rails
      fast_jsonapi
      friendly_id
      gibbon
      invisible_captcha
      jquery-rails
      message_bus
      mini_racer (~> 0.4.0)
      multi_exiftool
      nokogiri
      omniauth (~> 1.9.1)
      omniauth-facebook (~> 8.0.0)
      omniauth-google-oauth2 (~> 0.8.1)
      omniauth-twitter (~> 1.4.0)
      pagy (~> 3)
      pg (~> 1.2.3)
      pg_search (= 2.3.2)
      phonelib
      premailer-rails
      rails (~> 6)
      rails-i18n (~> 6)
      recaptcha (= 4.13.1)
      responders
      sass-rails
      show_for
      sidekiq
      sidekiq-cron
      simple_form
      sitemap_generator
      slim
      traco
      uglifier
      whenever

GEM
  remote: https://rubygems.org/
  specs:
    aasm (5.2.0)
      concurrent-ruby (~> 1.0)
    actioncable (6.1.4.4)
      actionpack (= 6.1.4.4)
      activesupport (= 6.1.4.4)
      nio4r (~> 2.0)
      websocket-driver (>= 0.6.1)
    actionmailbox (6.1.4.4)
      actionpack (= 6.1.4.4)
      activejob (= 6.1.4.4)
      activerecord (= 6.1.4.4)
      activestorage (= 6.1.4.4)
      activesupport (= 6.1.4.4)
      mail (>= 2.7.1)
    actionmailer (6.1.4.4)
      actionpack (= 6.1.4.4)
      actionview (= 6.1.4.4)
      activejob (= 6.1.4.4)
      activesupport (= 6.1.4.4)
      mail (~> 2.5, >= 2.5.4)
      rails-dom-testing (~> 2.0)
    actionpack (6.1.4.4)
      actionview (= 6.1.4.4)
      activesupport (= 6.1.4.4)
      rack (~> 2.0, >= 2.0.9)
      rack-test (>= 0.6.3)
      rails-dom-testing (~> 2.0)
      rails-html-sanitizer (~> 1.0, >= 1.2.0)
    actiontext (6.1.4.4)
      actionpack (= 6.1.4.4)
      activerecord (= 6.1.4.4)
      activestorage (= 6.1.4.4)
      activesupport (= 6.1.4.4)
      nokogiri (>= 1.8.5)
    actionview (6.1.4.4)
      activesupport (= 6.1.4.4)
      builder (~> 3.1)
      erubi (~> 1.4)
      rails-dom-testing (~> 2.0)
      rails-html-sanitizer (~> 1.1, >= 1.2.0)
    activejob (6.1.4.4)
      activesupport (= 6.1.4.4)
      globalid (>= 0.3.6)
    activemodel (6.1.4.4)
      activesupport (= 6.1.4.4)
    activerecord (6.1.4.4)
      activemodel (= 6.1.4.4)
      activesupport (= 6.1.4.4)
    activestorage (6.1.4.4)
      actionpack (= 6.1.4.4)
      activejob (= 6.1.4.4)
      activerecord (= 6.1.4.4)
      activesupport (= 6.1.4.4)
      marcel (~> 1.0.0)
      mini_mime (>= 1.1.0)
    activesupport (6.1.4.4)
      concurrent-ruby (~> 1.0, >= 1.0.2)
      i18n (>= 1.6, < 2)
      minitest (>= 5.1)
      tzinfo (~> 2.0)
      zeitwerk (~> 2.3)
    acts-as-taggable-on (7.0.0)
      activerecord (>= 5.0, < 6.2)
    addressable (2.8.0)
      public_suffix (>= 2.0.2, < 5.0)
    after_commit_everywhere (1.1.0)
      activerecord (>= 4.2)
      activesupport
    ancestry (4.1.0)
      activerecord (>= 5.2.6)
    annotate (3.1.1)
      activerecord (>= 3.2, < 7.0)
      rake (>= 10.4, < 14.0)
    ast (2.4.2)
    audited (4.10.0)
      activerecord (>= 4.2, < 6.2)
    aws-eventstream (1.2.0)
    aws-partitions (1.550.0)
    aws-sdk-core (3.125.5)
      aws-eventstream (~> 1, >= 1.0.2)
      aws-partitions (~> 1, >= 1.525.0)
      aws-sigv4 (~> 1.1)
      jmespath (~> 1.0)
    aws-sdk-kms (1.53.0)
      aws-sdk-core (~> 3, >= 3.125.0)
      aws-sigv4 (~> 1.1)
    aws-sdk-s3 (1.111.3)
      aws-sdk-core (~> 3, >= 3.125.0)
      aws-sdk-kms (~> 1)
      aws-sigv4 (~> 1.4)
    aws-sigv4 (1.4.0)
      aws-eventstream (~> 1, >= 1.0.2)
    babel-source (5.8.35)
    babel-transpiler (0.7.0)
      babel-source (>= 4.0, < 6)
      execjs (~> 2.0)
    bcrypt (3.1.16)
    better_errors (2.9.1)
      coderay (>= 1.0.0)
      erubi (>= 1.0.0)
      rack (>= 0.9.0)
    binding_of_caller (1.0.0)
      debug_inspector (>= 0.0.1)
    breadcrumbs_on_rails (4.1.0)
      railties (>= 5.0)
    builder (3.2.4)
    byebug (11.1.3)
    cancancan (3.3.0)
    capybara (2.18.0)
      addressable
      mini_mime (>= 0.1.3)
      nokogiri (>= 1.3.3)
      rack (>= 1.0.0)
      rack-test (>= 0.5.4)
      xpath (>= 2.0, < 4.0)
    cells (4.1.7)
      declarative-builder (< 0.2.0)
      declarative-option (< 0.2.0)
      tilt (>= 1.4, < 3)
      uber (< 0.2.0)
    cells-rails (0.1.0)
      actionpack (>= 5.0)
      cells (>= 4.1.6, < 5.0.0)
    cells-slim (0.0.6)
      cells (>= 4.0.1, < 6.0.0)
      slim (~> 3.0)
    chronic (0.10.2)
    cocoon (1.2.15)
    coderay (1.1.3)
    coffee-rails (5.0.0)
      coffee-script (>= 2.2.0)
      railties (>= 5.2.0)
    coffee-script (2.4.1)
      coffee-script-source
      execjs
    coffee-script-source (1.12.2)
    colorize (0.8.1)
    concurrent-ruby (1.1.9)
    connection_pool (2.2.5)
    countries (4.2.1)
      i18n_data (~> 0.15.0)
      sixarm_ruby_unaccent (~> 1.1)
    country_select (6.1.1)
      countries (~> 4.2)
      sort_alphabetical (~> 1.1)
    crass (1.0.6)
    css_parser (1.11.0)
      addressable
    debug_inspector (1.1.0)
    declarative-builder (0.1.0)
      declarative-option (< 0.2.0)
    declarative-option (0.1.0)
    devise (4.8.1)
      bcrypt (~> 3.0)
      orm_adapter (~> 0.1)
      railties (>= 4.1.0)
      responders
      warden (~> 1.2.3)
    devise-bootstrap-views (1.1.0)
    devise-i18n (1.10.1)
      devise (>= 4.8.0)
    devise_invitable (2.0.6)
      actionmailer (>= 5.0)
      devise (>= 4.6)
    discard (1.2.1)
      activerecord (>= 4.2, < 8)
    dotenv (2.7.6)
    dotenv-rails (2.7.6)
      dotenv (= 2.7.6)
      railties (>= 3.2)
    dragonfly (1.4.0)
      addressable (~> 2.3)
      multi_json (~> 1.0)
      rack (>= 1.3)
    dragonfly-s3_data_store (1.3.0)
      dragonfly (~> 1.0)
      fog-aws
    dropzonejs-rails (0.8.5)
      rails (> 3.1)
    erubi (1.10.0)
    et-orbi (1.2.6)
      tzinfo
    excon (0.90.0)
    execjs (2.8.1)
    factory_bot (6.2.0)
      activesupport (>= 5.0.0)
    faker (2.19.0)
      i18n (>= 1.6, < 2)
    faraday (1.9.3)
      faraday-em_http (~> 1.0)
      faraday-em_synchrony (~> 1.0)
      faraday-excon (~> 1.1)
      faraday-httpclient (~> 1.0)
      faraday-multipart (~> 1.0)
      faraday-net_http (~> 1.0)
      faraday-net_http_persistent (~> 1.0)
      faraday-patron (~> 1.0)
      faraday-rack (~> 1.0)
      faraday-retry (~> 1.0)
      ruby2_keywords (>= 0.0.4)
    faraday-em_http (1.0.0)
    faraday-em_synchrony (1.0.0)
    faraday-excon (1.1.0)
    faraday-httpclient (1.0.1)
    faraday-multipart (1.0.3)
      multipart-post (>= 1.2, < 3)
    faraday-net_http (1.0.1)
    faraday-net_http_persistent (1.2.0)
    faraday-patron (1.0.0)
    faraday-rack (1.0.0)
    faraday-retry (1.0.3)
    fast_jsonapi (1.5)
      activesupport (>= 4.2)
    ffi (1.15.5)
    fog-aws (3.12.0)
      fog-core (~> 2.1)
      fog-json (~> 1.1)
      fog-xml (~> 0.1)
      ipaddress (~> 0.8)
    fog-core (2.2.4)
      builder
      excon (~> 0.71)
      formatador (~> 0.2)
      mime-types
    fog-json (1.2.0)
      fog-core
      multi_json (~> 1.10)
    fog-xml (0.1.4)
      fog-core
      nokogiri (>= 1.5.11, < 2.0.0)
    formatador (0.3.0)
    friendly_id (5.4.2)
      activerecord (>= 4.0.0)
    fugit (1.5.2)
      et-orbi (~> 1.1, >= 1.1.8)
      raabro (~> 1.4)
    gibbon (3.4.3)
      faraday (>= 1.0)
      multi_json (>= 1.11.0)
    globalid (1.0.0)
      activesupport (>= 5.0)
    guard (2.18.0)
      formatador (>= 0.2.4)
      listen (>= 2.7, < 4.0)
      lumberjack (>= 1.0.12, < 2.0)
      nenv (~> 0.1)
      notiffany (~> 0.0)
      pry (>= 0.13.0)
      shellany (~> 0.0)
      thor (>= 0.18.1)
    guard-compat (1.2.1)
    guard-rubocop (1.5.0)
      guard (~> 2.0)
      rubocop (< 2.0)
    guard-slimlint (1.3.2)
      colorize (~> 0.8.1)
      guard (~> 2.14, >= 2.14.2)
      guard-compat (~> 1.2, >= 1.2.1)
      slim_lint (~> 0.15)
    hashie (5.0.0)
    highline (2.0.3)
    htmlentities (4.3.4)
    i18n (1.8.11)
      concurrent-ruby (~> 1.0)
    i18n-tasks (0.9.37)
      activesupport (>= 4.0.2)
      ast (>= 2.1.0)
      erubi
      highline (>= 2.0.0)
      i18n
      parser (>= 2.2.3.0)
      rails-i18n
      rainbow (>= 2.2.2, < 4.0)
      terminal-table (>= 1.5.1)
    i18n_data (0.15.0)
      simple_po_parser (~> 1.1)
    invisible_captcha (2.0.0)
      rails (>= 5.0)
    ipaddress (0.8.3)
    jmespath (1.5.0)
    jquery-rails (4.4.0)
      rails-dom-testing (>= 1, < 3)
      railties (>= 4.2.0)
      thor (>= 0.14, < 2.0)
    json (2.6.1)
    jwt (2.3.0)
    launchy (2.5.0)
      addressable (~> 2.7)
    letter_opener (1.7.0)
      launchy (~> 2.2)
    libv8-node (15.14.0.1-x86_64-linux)
    listen (3.7.1)
      rb-fsevent (~> 0.10, >= 0.10.3)
      rb-inotify (~> 0.9, >= 0.9.10)
    loofah (2.13.0)
      crass (~> 1.0.2)
      nokogiri (>= 1.5.9)
    lumberjack (1.2.8)
    mail (2.7.1)
      mini_mime (>= 0.1.1)
    marcel (1.0.2)
    message_bus (4.0.0)
      rack (>= 1.1.3)
    method_source (1.0.0)
    mime-types (3.4.1)
      mime-types-data (~> 3.2015)
    mime-types-data (3.2022.0105)
    mini_mime (1.1.2)
    mini_racer (0.4.0)
      libv8-node (~> 15.14.0.0)
    minitest (5.14.4)
    multi_exiftool (0.17.0)
    multi_json (1.15.0)
    multi_xml (0.6.0)
    multipart-post (2.1.1)
    nenv (0.3.0)
    nio4r (2.5.8)
    nokogiri (1.13.1-x86_64-linux)
      racc (~> 1.4)
    notiffany (0.1.3)
      nenv (~> 0.1)
      shellany (~> 0.0)
    oauth (0.5.8)
    oauth2 (1.4.7)
      faraday (>= 0.8, < 2.0)
      jwt (>= 1.0, < 3.0)
      multi_json (~> 1.3)
      multi_xml (~> 0.5)
      rack (>= 1.2, < 3)
    omniauth (1.9.1)
      hashie (>= 3.4.6)
      rack (>= 1.6.2, < 3)
    omniauth-facebook (8.0.0)
      omniauth-oauth2 (~> 1.2)
    omniauth-google-oauth2 (0.8.2)
      jwt (>= 2.0)
      oauth2 (~> 1.1)
      omniauth (~> 1.1)
      omniauth-oauth2 (>= 1.6)
    omniauth-oauth (1.2.0)
      oauth
      omniauth (>= 1.0, < 3)
    omniauth-oauth2 (1.7.2)
      oauth2 (~> 1.4)
      omniauth (>= 1.9, < 3)
    omniauth-twitter (1.4.0)
      omniauth-oauth (~> 1.1)
      rack
    orm_adapter (0.5.0)
    pagy (3.14.0)
    parallel (1.21.0)
    parser (3.1.0.0)
      ast (~> 2.4.1)
    pg (1.2.3)
    pg_search (2.3.2)
      activerecord (>= 5.2)
      activesupport (>= 5.2)
    phonelib (0.6.55)
    premailer-rails (1.11.1)
      actionmailer (>= 3)
      premailer (~> 1.7, >= 1.7.9)
    pry (0.13.1)
      coderay (~> 1.1)
      method_source (~> 1.0)
    pry-byebug (3.9.0)
      byebug (~> 11.0)
      pry (~> 0.13.0)
    pry-rails (0.3.9)
      pry (>= 0.10.4)
    public_suffix (4.0.6)
    puma (5.6.0)
      nio4r (~> 2.0)
    raabro (1.4.0)
    racc (1.6.0)
    rack (2.2.3)
    rack-mini-profiler (2.3.3)
      rack (>= 1.2.0)
    rack-test (1.1.0)
      rack (>= 1.0, < 3)
    rails (6.1.4.4)
      actioncable (= 6.1.4.4)
      actionmailbox (= 6.1.4.4)
      actionmailer (= 6.1.4.4)
      actionpack (= 6.1.4.4)
      actiontext (= 6.1.4.4)
      actionview (= 6.1.4.4)
      activejob (= 6.1.4.4)
      activemodel (= 6.1.4.4)
      activerecord (= 6.1.4.4)
      activestorage (= 6.1.4.4)
      activesupport (= 6.1.4.4)
      bundler (>= 1.15.0)
      railties (= 6.1.4.4)
      sprockets-rails (>= 2.0.0)
    rails-dom-testing (2.0.3)
      activesupport (>= 4.2.0)
      nokogiri (>= 1.6)
    rails-html-sanitizer (1.4.2)
      loofah (~> 2.3)
    rails-i18n (6.0.0)
      i18n (>= 0.7, < 2)
      railties (>= 6.0.0, < 7)
    railties (6.1.4.4)
      actionpack (= 6.1.4.4)
      activesupport (= 6.1.4.4)
      method_source
      rake (>= 0.13)
      thor (~> 1.0)
    rainbow (3.1.1)
    rake (13.0.6)
    rb-fsevent (0.11.0)
    rb-inotify (0.10.1)
      ffi (~> 1.0)
    recaptcha (4.13.1)
      json
    redis (4.5.1)
    regexp_parser (2.2.0)
    responders (3.0.1)
      actionpack (>= 5.0)
      railties (>= 5.0)
    rexml (3.2.5)
    rubocop (1.25.0)
      parallel (~> 1.10)
      parser (>= 3.1.0.0)
      rainbow (>= 2.2.2, < 4.0)
      regexp_parser (>= 1.8, < 3.0)
      rexml
      rubocop-ast (>= 1.15.1, < 2.0)
      ruby-progressbar (~> 1.7)
      unicode-display_width (>= 1.4.0, < 3.0)
    rubocop-ast (1.15.1)
      parser (>= 3.0.1.1)
    rubocop-minitest (0.17.0)
      rubocop (>= 0.90, < 2.0)
    rubocop-packaging (0.5.1)
      rubocop (>= 0.89, < 2.0)
    rubocop-performance (1.13.2)
      rubocop (>= 1.7.0, < 2.0)
      rubocop-ast (>= 0.4.0)
    rubocop-rails (2.13.2)
      activesupport (>= 4.2.0)
      rack (>= 1.1)
      rubocop (>= 1.7.0, < 2.0)
    rubocop-rails_config (1.8.1)
      railties (>= 5.0)
      rubocop (>= 1.19)
      rubocop-ast (>= 1.0.1)
      rubocop-minitest (~> 0.15)
      rubocop-packaging (~> 0.5)
      rubocop-performance (~> 1.11)
      rubocop-rails (~> 2.0)
    rubocop-rake (0.6.0)
      rubocop (~> 1.0)
    ruby-progressbar (1.11.0)
    ruby-vips (2.1.4)
      ffi (~> 1.12)
    ruby2_keywords (0.0.5)
    rubyzip (2.3.2)
    sass-rails (6.0.0)
      sassc-rails (~> 2.1, >= 2.1.1)
    sassc (2.4.0)
      ffi (~> 1.9)
    sassc-rails (2.1.2)
      railties (>= 4.0.0)
      sassc (>= 2.0)
      sprockets (> 3.0)
      sprockets-rails
      tilt
    shellany (0.0.1)
    show_for (0.8.0)
      actionpack (>= 5.2)
      activemodel (>= 5.2)
    sidekiq (6.4.0)
      connection_pool (>= 2.2.2)
      rack (~> 2.0)
      redis (>= 4.2.0)
    sidekiq-cron (1.2.0)
      fugit (~> 1.1)
      sidekiq (>= 4.2.1)
    simple_form (5.1.0)
      actionpack (>= 5.2)
      activemodel (>= 5.2)
    simple_po_parser (1.1.5)
    sitemap_generator (6.2.1)
      builder (~> 3.0)
    sixarm_ruby_unaccent (1.2.0)
    slim (3.0.9)
      temple (>= 0.7.6, < 0.9)
      tilt (>= 1.3.3, < 2.1)
    slim_lint (0.22.1)
      rubocop (>= 0.78.0)
      slim (>= 3.0, < 5.0)
    sort_alphabetical (1.1.0)
      unicode_utils (>= 1.2.2)
    sprockets (4.0.2)
      concurrent-ruby (~> 1.0)
      rack (> 1, < 3)
    sprockets-rails (3.4.2)
      actionpack (>= 5.2)
      activesupport (>= 5.2)
      sprockets (>= 3.0.0)
    sqlite3 (1.4.2)
    temple (0.8.2)
    terminal-table (3.0.2)
      unicode-display_width (>= 1.1.1, < 3)
    thor (1.2.1)
    tilt (2.0.10)
    traco (5.3.3)
      activerecord (>= 4.2)
    turbolinks (5.2.1)
      turbolinks-source (~> 5.2)
    turbolinks-source (5.2.0)
    tzinfo (2.0.4)
      concurrent-ruby (~> 1.0)
    uber (0.1.0)
    uglifier (4.2.0)
      execjs (>= 0.3.0, < 3)
    unicode-display_width (2.1.0)
    unicode_utils (1.4.0)
    warden (1.2.9)
      rack (>= 2.0.9)
    websocket-driver (0.7.5)
      websocket-extensions (>= 0.1.0)
    websocket-extensions (0.1.5)
    whenever (1.0.0)
      chronic (>= 0.6.3)
    xpath (3.2.0)
      nokogiri (~> 1.8)
    zeitwerk (2.5.3)

PLATFORMS
  x86_64-linux

DEPENDENCIES
  annotate
  better_errors
  binding_of_caller
  capybara (~> 2.13)
  dragonfly (= 1.4.0)
  dragonfly-s3_data_store
  dragonfly_libvips!
  factory_bot
  faker
  folio!
  guard-rubocop
  guard-slimlint
  i18n-tasks
  letter_opener
  mini_racer
  minitest (~> 5.14.4)
  premailer!
  premailer-rails
  pry-byebug
  pry-rails
  puma (< 6)
  rack-mini-profiler
  rubocop
  rubocop-minitest
  rubocop-performance
  rubocop-rails
  rubocop-rails_config
  rubocop-rake
  rubyzip
  show_for
  sidekiq
  sqlite3
  turbolinks
  uglifier (>= 1.3.0)

BUNDLED WITH
   2.3.5
